GEM
  remote: https://rubygems.org/
  specs:
    thor (1.3.1)

PLATFORMS
  x64-mingw-ucrt

DEPENDENCIES
  thor (~> 1.3)

BUNDLED WITH
   2.5.9
